GEM
  remote: http://rubygems.org/
  specs:
    adsf (1.1.1)
      rack (>= 1.0.0)
    coderay (1.0.9)
    colored (1.2)
    cri (2.3.0)
      colored (>= 1.2)
    fssm (0.2.10)
    kramdown (0.13.8)
    mime-types (1.23)
    mini_portile (0.5.2)
    nanoc (3.3.7)
      cri (~> 2.2)
    nokogiri (1.6.0)
      mini_portile (~> 0.5.0)
    rack (1.5.2)
    rake (0.9.6)
    sass (3.2.9)
    systemu (2.5.2)

PLATFORMS
  ruby

DEPENDENCIES
  adsf
  coderay
  fssm
  kramdown (~> 0.13.2)
  mime-types (~> 1.16)
  nanoc (~> 3.3.7)
  nokogiri (~> 1.6.0)
  rake (~> 0.9.2)
  sass (~> 3.2.0)
  systemu
