GEM
  remote: http://rubygems.org/
  specs:
    adsf (1.2.0)
      rack (>= 1.0.0)
    coderay (1.1.0)
    colored (1.2)
    cri (2.5.0)
      colored (~> 1.2)
    fssm (0.2.10)
    kramdown (1.3.3)
    mime-types (2.2)
    mini_portile (0.5.3)
    nanoc (3.6.8)
      cri (~> 2.3)
    nokogiri (1.6.1)
      mini_portile (~> 0.5.0)
    rack (1.5.2)
    rake (10.2.1)
    sass (3.3.4)
    systemu (2.6.4)

PLATFORMS
  ruby

DEPENDENCIES
  adsf
  coderay
  fssm
  kramdown
  mime-types
  nanoc
  nokogiri (~> 1.6.0)
  rake
  sass
  systemu
