GEM
  remote: http://rubygems.org/
  specs:
    adsf (1.1.1)
      rack (>= 1.0.0)
    coderay (1.0.6)
    colored (1.2)
    cri (2.3.0)
      colored (>= 1.2)
    fssm (0.2.9)
    kramdown (0.13.7)
    mime-types (1.18)
    nanoc (3.3.7)
      cri (~> 2.2)
    nokogiri (1.4.7)
    rack (1.4.1)
    rake (0.9.2.2)
    sass (3.2.0)
    systemu (2.5.2)

PLATFORMS
  ruby

DEPENDENCIES
  adsf
  coderay
  fssm
  kramdown (~> 0.13.2)
  mime-types (~> 1.16)
  nanoc (~> 3.3.7)
  nokogiri (~> 1.4.4)
  rake (~> 0.9.2)
  sass (~> 3.2.0)
  systemu
